GEM
  remote: http://rubygems.org/
  specs:
    ffi (1.0.7)
      rake (>= 0.8.7)
    ffi-swig-generator (0.3.2)
      nokogiri (>= 1.3.1)
      rake (>= 0.8.7)
    git (1.2.5)
    jeweler (1.5.2)
      bundler (~> 1.0.0)
      git (>= 1.2.5)
      rake
    nokogiri (1.4.4)
    rake (0.8.7)
    rcov (0.9.9)
    shoulda (2.11.3)

PLATFORMS
  ruby

DEPENDENCIES
  bundler (~> 1.0.0)
  ffi
  ffi-swig-generator
  jeweler (~> 1.5.2)
  rcov
  shoulda
